GEM
  remote: http://rubygems.org/
  specs:
    faker (0.9.5)
      i18n (~> 0.4)
    haml (3.0.25)
    i18n (0.5.0)
    innate (2011.01)
      rack (>= 1.1.0)
    rack (1.2.2)
    ramaze (2011.01.30)
      innate (>= 2010.03)

PLATFORMS
  ruby

DEPENDENCIES
  faker (= 0.9.5)
  haml (= 3.0.25)
  ramaze (= 2011.01.30)
